GEM
  remote: https://rubygems.org/
  specs:
    base64 (0.2.0)
    bigdecimal (3.1.8)
    cgi (0.4.1)
    diff-lcs (1.5.1)
    dotenv (2.8.1)
    erb (2.2.3)
      cgi
    mustermann (3.0.0)
      ruby2_keywords (~> 0.0.1)
    open3 (0.2.1)
    pg (1.5.6)
    rack (2.2.9)
    rack-protection (3.2.0)
      base64 (>= 0.1.0)
      rack (~> 2.2, >= 2.2.4)
    rack-test (2.1.0)
      rack (>= 1.3)
    rspec (3.13.0)
      rspec-core (~> 3.13.0)
      rspec-expectations (~> 3.13.0)
      rspec-mocks (~> 3.13.0)
    rspec-core (3.13.0)
      rspec-support (~> 3.13.0)
    rspec-expectations (3.13.1)
      diff-lcs (>= 1.2.0, < 2.0)
      rspec-support (~> 3.13.0)
    rspec-mocks (3.13.1)
      diff-lcs (>= 1.2.0, < 2.0)
      rspec-support (~> 3.13.0)
    rspec-support (3.13.1)
    ruby2_keywords (0.0.5)
    sequel (5.81.0)
      bigdecimal
    sinatra (3.2.0)
      mustermann (~> 3.0)
      rack (~> 2.2, >= 2.2.4)
      rack-protection (= 3.2.0)
      tilt (~> 2.0)
    tempfile (0.2.1)
    tilt (2.3.0)

PLATFORMS
  ruby

DEPENDENCIES
  dotenv
  erb
  open3
  pg
  rack-test
  rspec
  sequel
  sinatra
  tempfile

BUNDLED WITH
   1.17.2
